GEM
  remote: http://rubygems.org/
  specs:
    capifony (2.2.5)
      capistrano (~> 2.13.5)
      capistrano-maintenance (= 0.0.2)
      colored (>= 1.2.0)
      inifile (>= 2.0.2)
    capistrano (2.13.5)
      highline
      net-scp (>= 1.0.0)
      net-sftp (>= 2.0.0)
      net-ssh (>= 2.0.14)
      net-ssh-gateway (>= 1.1.0)
    capistrano-maintenance (0.0.2)
      capistrano (>= 2.0.0)
    colored (1.2)
    highline (1.6.15)
    inifile (2.0.2)
    net-scp (1.0.4)
      net-ssh (>= 1.99.1)
    net-sftp (2.0.5)
      net-ssh (>= 2.0.9)
    net-ssh (2.6.3)
    net-ssh-gateway (1.1.0)
      net-ssh (>= 1.99.1)

PLATFORMS
  ruby

DEPENDENCIES
  capifony
